PATH
  remote: .
  specs:
    glare (1.0.0)
      helix_runtime (~> 0.6.1)

GEM
  remote: https://rubygems.org/
  specs:
    helix_runtime (0.6.1)
      rake (>= 10.0)
      thor (~> 0.19.4)
    rake (10.5.0)
    thor (0.19.4)

PLATFORMS
  ruby

DEPENDENCIES
  glare!

BUNDLED WITH
   1.15.0
